GEM
  remote: http://rubygems.org/
  specs:
    activesupport (3.2.19)
      i18n (~> 0.6, >= 0.6.4)
      multi_json (~> 1.0)
    byebug (3.4.0)
      columnize (~> 0.8)
      debugger-linecache (~> 1.2)
      slop (~> 3.6)
    coderay (1.1.0)
    columnize (0.8.9)
    debugger-linecache (1.2.0)
    diff-lcs (1.2.5)
    flexmock (1.3.3)
    i18n (0.7.0.beta1)
    json (1.8.1)
    mail (2.6.1)
      mime-types (>= 1.16, < 3)
    method_source (0.8.2)
    mime-types (1.25.1)
    minitest (5.4.1)
    minitest-should_syntax (1.0.2)
      minitest
    money (6.3.0)
      i18n (>= 0.6.4, <= 0.7.0.dev)
    multi_json (1.10.1)
    paypal (2.0.0)
      money (> 0.0.0)
    pry (0.10.1)
      coderay (~> 1.1.0)
      method_source (~> 0.8.1)
      slop (~> 3.4)
    pry-byebug (2.0.0)
      byebug (~> 3.4)
      pry (~> 0.10)
    rake (10.3.2)
    rclconf (1.0.0)
    rspec (3.1.0)
      rspec-core (~> 3.1.0)
      rspec-expectations (~> 3.1.0)
      rspec-mocks (~> 3.1.0)
    rspec-core (3.1.4)
      rspec-support (~> 3.1.0)
    rspec-expectations (3.1.1)
      diff-lcs (>= 1.2.0, < 2.0)
      rspec-support (~> 3.1.0)
    rspec-mocks (3.1.1)
      rspec-support (~> 3.1.0)
    rspec-support (3.1.0)
    simplecov (0.7.1)
      multi_json (~> 1.0)
      simplecov-html (~> 0.7.1)
    simplecov-html (0.7.1)
    slop (3.6.0)
    travis-lint (2.0.0)
      json

PLATFORMS
  ruby

DEPENDENCIES
  activesupport
  flexmock
  mail
  minitest (>= 5.0)
  minitest-should_syntax
  paypal
  pry-byebug
  rake
  rclconf (= 1.0.0)
  rspec
  simplecov (~> 0.7.1)
  travis-lint
